NUGET
  remote: https://nuget.org/api/v2
  specs:
    Antlr (3.5.0.2)
    bootstrap (3.3.4)
      jQuery (>= 1.9.1)
    FAKE (3.35.1)
    FSharp.Compiler.Service (0.0.90)
    FSharp.Formatting (2.9.7)
      FSharp.Compiler.Service (>= 0.0.87)
      FSharpVSPowerTools.Core (1.8.0)
    FSharpVSPowerTools.Core (1.8.0)
      FSharp.Compiler.Service (>= 0.0.87)
    FsWebAddRegistryEntries (0.1.1.0)
    jQuery (2.1.4)
    Microsoft.AspNet.Mvc (5.2.3)
      Microsoft.AspNet.Razor (>= 3.2.3 < 3.3.0)
      Microsoft.AspNet.WebPages (>= 3.2.3 < 3.3.0)
    Microsoft.AspNet.Razor (3.2.3)
    Microsoft.AspNet.WebPages (3.2.3)
      Microsoft.AspNet.Razor (>= 3.2.3 < 3.3.0)
      Microsoft.Web.Infrastructure (>= 1.0.0.0)
    Microsoft.Bcl (1.1.10)
      Microsoft.Bcl.Build (>= 1.0.14)
    Microsoft.Bcl.Build (1.0.21)
    Microsoft.Net.Http (2.2.29)
      Microsoft.Bcl (>= 1.1.10)
      Microsoft.Bcl.Build (>= 1.0.14)
    Microsoft.Web.Infrastructure (1.0.0.0)
    NUnit (2.6.4)
    NUnit.Runners (2.6.4)
    Octokit (0.12.0)
      Microsoft.Net.Http
    SourceLink.Fake (0.5.0)
GITHUB
  remote: fsharp/FAKE
  specs:
    modules/Octokit/Octokit.fsx (8df5fa084bd2447427f295d3b35a131910aa054c)
      Octokit