NUGET
  remote: https://nuget.org/api/v2
  specs:
    Antlr (3.5.0.2)
    bootstrap (3.3.4)
      jQuery (>= 1.9.1)
    FAKE (3.35.1)
    FSharp.Compiler.Service (0.0.90)
    FSharp.Formatting (2.9.7)
      FSharp.Compiler.Service (>= 0.0.87)
      FSharpVSPowerTools.Core (1.8.0)
    FSharpVSPowerTools.Core (1.8.0)
      FSharp.Compiler.Service (>= 0.0.87)
    FsWebAddRegistryEntries (0.1.1.0)
    JavaScriptEngineSwitcher.Core (1.2.4)
    JavaScriptEngineSwitcher.Msie (1.2.6)
      JavaScriptEngineSwitcher.Core (>= 1.2.4)
      MsieJavaScriptEngine (>= 1.5.3)
    JavaScriptEngineSwitcher.V8 (1.2.7)
      JavaScriptEngineSwitcher.Core (>= 1.2.4)
    jQuery (2.1.4)
    JSPool (0.3.0)
      JavaScriptEngineSwitcher.Core (>= 1.2.4)
    Microsoft.AspNet.Mvc (5.2.3)
      Microsoft.AspNet.Razor (>= 3.2.3 < 3.3.0)
      Microsoft.AspNet.WebPages (>= 3.2.3 < 3.3.0)
    Microsoft.AspNet.Razor (3.2.3)
    Microsoft.AspNet.Web.Optimization (1.1.3)
      Microsoft.Web.Infrastructure (>= 1.0.0)
      WebGrease (>= 1.5.2)
    Microsoft.AspNet.WebApi (5.2.3)
      Microsoft.AspNet.WebApi.WebHost (>= 5.2.3 < 5.3.0)
    Microsoft.AspNet.WebApi.Client (5.2.3)
      Microsoft.Net.Http (>= 2.2.22) - framework: portable-wp80+win+net45+wp81+wpa81
      Newtonsoft.Json (>= 6.0.4) - framework: portable-wp80+win+net45+wp81+wpa81, >= net45
    Microsoft.AspNet.WebApi.Core (5.2.3)
      Microsoft.AspNet.WebApi.Client (>= 5.2.3)
    Microsoft.AspNet.WebApi.WebHost (5.2.3)
      Microsoft.AspNet.WebApi.Core (>= 5.2.3 < 5.3.0)
    Microsoft.AspNet.WebPages (3.2.3)
      Microsoft.AspNet.Razor (>= 3.2.3 < 3.3.0)
      Microsoft.Web.Infrastructure (>= 1.0.0.0)
    Microsoft.Bcl (1.1.10)
      Microsoft.Bcl.Build (>= 1.0.14)
    Microsoft.Bcl.Build (1.0.21)
    Microsoft.Net.Http (2.2.29)
      Microsoft.Bcl (>= 1.1.10)
      Microsoft.Bcl.Build (>= 1.0.14)
    Microsoft.Web.Infrastructure (1.0.0.0)
    Modernizr (2.8.3)
    MsieJavaScriptEngine (1.5.3)
    Newtonsoft.Json (6.0.8)
    NUnit (2.6.4)
    NUnit.Runners (2.6.4)
    Octokit (0.12.0)
      Microsoft.Net.Http
    React.Core (1.5.2)
      JSPool (>= 0.3.0)
      JavaScriptEngineSwitcher.Msie (>= 1.2.4)
      JavaScriptEngineSwitcher.V8 (>= 1.2.4)
      Newtonsoft.Json (>= 6.0.8)
    React.Web (1.5.2)
      JavaScriptEngineSwitcher.Core (>= 1.2.4)
      Newtonsoft.Json (>= 6.0.8)
      React.Core (>= 1.5.2)
      WebActivatorEx (>= 2.0.5)
    React.Web.Mvc4 (1.5.2)
      Microsoft.AspNet.Mvc (>= 4.0.20710.0)
      React.Core (>= 1.5.2)
      React.Web (>= 1.5.2)
    Respond (1.4.2)
    SourceLink.Fake (0.5.0)
    WebActivatorEx (2.0.6)
      Microsoft.Web.Infrastructure (>= 1.0.0.0)
    WebGrease (1.6.0)
      Antlr (>= 3.4.1.9004)
      Newtonsoft.Json (>= 5.0.4)
GITHUB
  remote: fsharp/FAKE
  specs:
    modules/Octokit/Octokit.fsx (8df5fa084bd2447427f295d3b35a131910aa054c)
      Octokit